GEM
  remote: https://rubygems.org/
  specs:
    nio4r (2.5.8)
    pg (1.3.5)
    puma (5.6.4)
      nio4r (~> 2.0)
    rack (2.2.3.1)
    rack-app (7.7.0)
      rack
    sequel (5.55.0)

PLATFORMS
  aarch64-linux
  arm64-darwin-21
  arm64-darwin-22

DEPENDENCIES
  pg
  puma
  rack-app
  sequel

BUNDLED WITH
   2.3.12
