GEM
  remote: https://rubygems.org/
  specs:
    bigdecimal (3.2.2)
    nio4r (2.7.4)
    pg (1.6.1-aarch64-linux)
    pg (1.6.1-aarch64-linux-musl)
    pg (1.6.1-arm64-darwin)
    pg (1.6.1-x86_64-darwin)
    pg (1.6.1-x86_64-linux)
    pg (1.6.1-x86_64-linux-musl)
    puma (6.6.1)
      nio4r (~> 2.0)
    rack (3.2.0)
    rackup (2.2.1)
      rack (>= 3)
    sequel (5.95.1)
      bigdecimal

PLATFORMS
  aarch64-linux
  aarch64-linux-musl
  arm64-darwin
  x86_64-darwin
  x86_64-linux
  x86_64-linux-musl

DEPENDENCIES
  pg
  puma
  rack (~> 3.2)
  rackup
  sequel

BUNDLED WITH
   2.7.1
