GEM
  remote: https://rubygems.org/
  specs:
    bigdecimal (3.1.8)
    nio4r (2.7.3)
    pg (1.5.6)
    puma (6.4.2)
      nio4r (~> 2.0)
    rack (3.0.11)
    rack-app (11.0.2)
      rack (>= 3.0.0)
      rackup
    rackup (2.1.0)
      rack (>= 3)
      webrick (~> 1.8)
    sequel (5.80.0)
      bigdecimal
    webrick (1.8.1)

PLATFORMS
  arm64-darwin-23
  ruby

DEPENDENCIES
  pg
  puma
  rack-app
  sequel

BUNDLED WITH
   2.5.9
